GEM
  remote: https://rubygems.org/
  specs:
    addressable (2.8.0)
      public_suffix (>= 2.0.2, < 5.0)
    json (2.6.1)
    json-schema (2.8.1)
      addressable (>= 2.4)
    minitest (5.15.0)
    public_suffix (4.0.6)
    string_inflection (0.1.2)

PLATFORMS
  ruby

DEPENDENCIES
  json (~> 2.6)
  json-schema (~> 2.8)
  minitest (~> 5.15)
  string_inflection (~> 0.1.2)

BUNDLED WITH
   2.0.2
